GEM
  remote: https://rubygems.org/
  specs:
    addressable (2.3.5)
    ansi (1.4.3)
    aws-sdk (1.22.1)
      json (~> 1.4)
      nokogiri (>= 1.4.4, < 1.6.0)
      uuidtools (~> 2.1)
    boxen (2.0.4)
      ansi (~> 1.4)
      hiera (~> 1.0)
      highline (~> 1.6)
      json_pure (>= 1.7.7, < 2.0)
      librarian-puppet (~> 0.9.9)
      octokit (~> 2.3.0)
      puppet (~> 3.0)
    builder (3.1.4)
    chef (11.8.2)
      chef-zero (~> 1.6, >= 1.6.2)
      diff-lcs (~> 1.2, >= 1.2.4)
      erubis (~> 2.7)
      highline (~> 1.6, >= 1.6.9)
      json (>= 1.4.4, <= 1.7.7)
      mime-types (~> 1.16)
      mixlib-authentication (~> 1.3)
      mixlib-cli (~> 1.3)
      mixlib-config (~> 2.0)
      mixlib-log (~> 1.3)
      mixlib-shellout (~> 1.2)
      net-ssh (~> 2.6)
      net-ssh-multi (~> 1.1.0)
      ohai (~> 6.0)
      pry (~> 0.9)
      puma (~> 1.6)
      rest-client (>= 1.0.4, < 1.7.0)
      yajl-ruby (~> 1.1)
    chef-zero (1.7.2)
      hashie (~> 2.0)
      json
      mixlib-log (~> 1.3)
      moneta (< 0.7.0)
      rack
    coderay (1.1.0)
    diff-lcs (1.2.4)
    erubis (2.7.0)
    facter (1.7.3)
    faraday (0.8.8)
      multipart-post (~> 1.2.0)
    hashie (2.0.5)
    hiera (1.2.1)
      json_pure
    highline (1.6.20)
    ipaddress (0.8.0)
    json (1.6.1)
    json_pure (1.8.1)
    knife-solo (0.4.1)
      chef (>= 10.12)
      erubis (~> 2.7.0)
      net-ssh (>= 2.2.2, < 3.0)
    librarian-puppet (0.9.10)
      json
      thor (~> 0.15)
    metaclass (0.0.1)
    method_source (0.8.2)
    mime-types (1.25.1)
    mixlib-authentication (1.3.0)
      mixlib-log
    mixlib-cli (1.4.0)
    mixlib-config (2.1.0)
    mixlib-log (1.6.0)
    mixlib-shellout (1.3.0)
    mocha (0.14.0)
      metaclass (~> 0.0.1)
    moneta (0.6.0)
    multipart-post (1.2.0)
    net-ssh (2.6.5)
    net-ssh-gateway (1.2.0)
      net-ssh (>= 2.6.5)
    net-ssh-multi (1.1)
      net-ssh (>= 2.1.4)
      net-ssh-gateway (>= 0.99.0)
    nokogiri (1.5.6)
    octokit (2.3.1)
      sawyer (~> 0.5.1)
    ohai (6.20.0)
      ipaddress
      mixlib-cli
      mixlib-config
      mixlib-log
      mixlib-shellout
      systemu (~> 2.5.2)
      yajl-ruby
    open4 (1.3.0)
    pry (0.9.12.4)
      coderay (~> 1.0)
      method_source (~> 0.8)
      slop (~> 3.4)
    puma (1.6.3)
      rack (~> 1.2)
    puppet (3.3.1)
      facter (~> 1.6)
      hiera (~> 1.0)
      rgen (~> 0.6.5)
    puppet-lint (0.3.2)
    puppetlabs_spec_helper (0.4.1)
      mocha (>= 0.10.5)
      rake
      rspec (>= 2.9.0)
      rspec-puppet (>= 0.1.1)
    rack (1.5.2)
    rake (10.0.3)
    rbvmomi (1.6.0)
      builder
      nokogiri (>= 1.4.1)
      trollop
    rest-client (1.6.7)
      mime-types (>= 1.16)
    rgen (0.6.6)
    rspec (2.14.1)
      rspec-core (~> 2.14.0)
      rspec-expectations (~> 2.14.0)
      rspec-mocks (~> 2.14.0)
    rspec-core (2.14.6)
    rspec-expectations (2.14.3)
      diff-lcs (>= 1.1.3, < 2.0)
    rspec-mocks (2.14.4)
    rspec-puppet (0.1.6)
      rspec
    sawyer (0.5.1)
      addressable (~> 2.3.5)
      faraday (~> 0.8, < 0.10)
    slop (3.4.7)
    systemu (2.5.2)
    thor (0.18.1)
    trollop (2.0)
    uuidtools (2.1.4)
    yajl-ruby (1.2.0)

PLATFORMS
  ruby

DEPENDENCIES
  aws-sdk (~> 1.21)
  boxen (~> 2.0.4)
  hiera (~> 1.1)
  json (<= 1.6.1)
  knife-solo (~> 0.4.1)
  librarian-puppet (~> 0.9.9)
  net-ssh
  open4 (~> 1.3)
  puppet (= 3.3.1)
  puppet-lint (= 0.3.2)
  puppetlabs_spec_helper (= 0.4.1)
  rake (= 10.0.3)
  rbvmomi
  rspec-puppet (= 0.1.6)
